GEM
  remote: https://rubygems.org/
  specs:
    addressable (2.8.7)
      public_suffix (>= 2.0.2, < 7.0)
    asetus (0.4.0)
    base64 (0.2.0)
    charlock_holmes (0.7.9)
    emk-sinatra-url-for (0.2.1)
      sinatra (>= 0.9.1.1)
    git (1.19.1)
      addressable (~> 2.8)
      rchardet (~> 1.8)
    haml (6.3.0)
      temple (>= 0.8.2)
      thor
      tilt
    htmlentities (4.3.4)
    json (2.7.2)
    multi_json (1.15.0)
    mustermann (3.0.0)
      ruby2_keywords (~> 0.0.1)
    net-ssh (5.2.0)
    net-telnet (0.1.1)
    nio4r (2.7.3)
    oxidized (0.26.3)
      asetus (~> 0.1)
      git (~> 1)
      net-ssh (~> 5)
      net-telnet (~> 0.1.1)
      rugged (~> 0.21, >= 0.21.4)
      slop (~> 3.5)
    oxidized-script (0.6.0)
      oxidized (~> 0.25)
      slop (~> 3.5)
    oxidized-web (0.14.0)
      charlock_holmes (~> 0.7.5)
      emk-sinatra-url-for (~> 0.2)
      haml (~> 6.0)
      htmlentities (~> 4.3)
      json (~> 2.3)
      oxidized (~> 0.26)
      puma (>= 3.11.4, < 6.5.0)
      sinatra (>= 1.4.6, < 5.0)
      sinatra-contrib (>= 1.4.6, < 5.0)
    public_suffix (6.0.0)
    puma (6.4.2)
      nio4r (~> 2.0)
    rack (3.1.7)
    rack-protection (4.0.0)
      base64 (>= 0.1.0)
      rack (>= 3.0.0, < 4)
    rack-session (2.0.0)
      rack (>= 3.0.0)
    rchardet (1.8.0)
    ruby2_keywords (0.0.5)
    rugged (0.99.0)
    sinatra (4.0.0)
      mustermann (~> 3.0)
      rack (>= 3.0.0, < 4)
      rack-protection (= 4.0.0)
      rack-session (>= 2.0.0, < 3)
      tilt (~> 2.0)
    sinatra-contrib (4.0.0)
      multi_json (>= 0.0.2)
      mustermann (~> 3.0)
      rack-protection (= 4.0.0)
      sinatra (= 4.0.0)
      tilt (~> 2.0)
    slop (3.6.0)
    temple (0.10.3)
    thor (1.3.1)
    tilt (2.4.0)

PLATFORMS
  ruby

DEPENDENCIES
  oxidized (= 0.26.3)
  oxidized-script (= 0.6.0)
  oxidized-web (= 0.14.0)

BUNDLED WITH
   2.1.4
